GEM
  remote: https://rubygems.org/
  specs:
    colorize (0.8.1)
    nokogiri (1.14.3-x86_64-linux)
      racc (~> 1.4)
    racc (1.6.2)

PLATFORMS
  x86_64-linux

DEPENDENCIES
  colorize
  nokogiri

BUNDLED WITH
   2.1.4
